GEM
  remote: https://rubygems.org/
  specs:
    byebug (11.1.3)

PLATFORMS
  universal-darwin-22

DEPENDENCIES
  byebug (~> 11.1, >= 11.1.3)

BUNDLED WITH
   2.2.19
